GEM
  remote: https://rubygems.org/
  specs:
    htmlentities (4.3.4)
    mini_portile2 (2.4.0)
    nokogiri (1.10.4)
      mini_portile2 (~> 2.4.0)
    optimist (3.0.0)

PLATFORMS
  ruby

DEPENDENCIES
  htmlentities
  nokogiri
  optimist

BUNDLED WITH
   2.0.2
