GEM
  remote: https://rubygems.org/
  specs:
    htmlentities (4.3.4)
    mini_portile2 (2.8.0)
    nokogiri (1.13.5)
      mini_portile2 (~> 2.8.0)
      racc (~> 1.4)
    racc (1.6.0)
    trollop (2.1.2)

PLATFORMS
  ruby

DEPENDENCIES
  htmlentities (~> 4.3)
  nokogiri (~> 1.13)
  trollop (~> 2.1)
