GEM
  remote: https://rubygems.org/
  specs:
    htmlentities (4.3.4)
    mini_portile2 (2.3.0)
    nokogiri (1.8.2)
      mini_portile2 (~> 2.3.0)
    trollop (2.1.2)

PLATFORMS
  ruby

DEPENDENCIES
  htmlentities (~> 4.3)
  nokogiri (~> 1.8)
  trollop (~> 2.1)
